GEM
  remote: https://rubygems.org/
  specs:
    concurrent-ruby (0.9.0)
    concurrent-ruby-ext (0.9.0)
      concurrent-ruby (~> 0.9.0)
    diff-lcs (1.2.5)
    json (1.8.3)
    rspec (3.3.0)
      rspec-core (~> 3.3.0)
      rspec-expectations (~> 3.3.0)
      rspec-mocks (~> 3.3.0)
    rspec-core (3.3.2)
      rspec-support (~> 3.3.0)
    rspec-expectations (3.3.1)
      diff-lcs (>= 1.2.0, < 2.0)
      rspec-support (~> 3.3.0)
    rspec-mocks (3.3.2)
      diff-lcs (>= 1.2.0, < 2.0)
      rspec-support (~> 3.3.0)
    rspec-support (3.3.0)
    timeliness (0.3.7)

PLATFORMS
  ruby

DEPENDENCIES
  concurrent-ruby-ext
  json
  rspec
  timeliness

BUNDLED WITH
   1.10.5
